GEM
  remote: http://rubygems.org/
  specs:
    sass (3.2.2)

PLATFORMS
  ruby

DEPENDENCIES
  sass (= 3.2.2)
