GEM
  remote: http://rubygems.org/
  specs:
    nokogiri (1.5.5)

PLATFORMS
  ruby
  x86-mingw32

DEPENDENCIES
  nokogiri (= 1.5.5)
